STORAGE: NONE
RESTRICTION: || (== netcoreapp3.1) (== netstandard2.0) (== netstandard2.1)
NUGET
  remote: https://api.nuget.org/v3/index.json
    FSharp.Core (4.7.1)
    Microsoft.Bcl.AsyncInterfaces (1.1) - restriction: || (&& (== netcoreapp3.1) (>= net461)) (&& (== netcoreapp3.1) (< netstandard2.1)) (== netstandard2.0) (&& (== netstandard2.1) (>= net461))
      System.Threading.Tasks.Extensions (>= 4.5.2)
    Microsoft.Extensions.Configuration (3.1.3)
      Microsoft.Extensions.Configuration.Abstractions (>= 3.1.3)
    Microsoft.Extensions.Configuration.Abstractions (3.1.3)
      Microsoft.Extensions.Primitives (>= 3.1.3)
    Microsoft.Extensions.Configuration.Binder (3.1.3)
      Microsoft.Extensions.Configuration (>= 3.1.3)
    Microsoft.Extensions.DependencyInjection (3.1.3)
      Microsoft.Bcl.AsyncInterfaces (>= 1.1) - restriction: || (&& (== netcoreapp3.1) (>= net461)) (&& (== netcoreapp3.1) (< netstandard2.1)) (== netstandard2.0) (&& (== netstandard2.1) (>= net461))
      Microsoft.Extensions.DependencyInjection.Abstractions (>= 3.1.3)
    Microsoft.Extensions.DependencyInjection.Abstractions (3.1.3)
    Microsoft.Extensions.Logging (3.1.3)
      Microsoft.Extensions.Configuration.Binder (>= 3.1.3)
      Microsoft.Extensions.DependencyInjection (>= 3.1.3)
      Microsoft.Extensions.Logging.Abstractions (>= 3.1.3)
      Microsoft.Extensions.Options (>= 3.1.3)
    Microsoft.Extensions.Logging.Abstractions (3.1.3)
    Microsoft.Extensions.Options (3.1.3)
      Microsoft.Extensions.DependencyInjection.Abstractions (>= 3.1.3)
      Microsoft.Extensions.Primitives (>= 3.1.3)
      System.ComponentModel.Annotations (>= 4.7) - restriction: || (== netstandard2.0) (== netstandard2.1)
    Microsoft.Extensions.Primitives (3.1.3)
      System.Memory (>= 4.5.2) - restriction: || (== netstandard2.0) (== netstandard2.1)
      System.Runtime.CompilerServices.Unsafe (>= 4.7.1) - restriction: || (== netstandard2.0) (== netstandard2.1)
    Microsoft.NETCore.Platforms (3.1)
    Microsoft.Win32.SystemEvents (4.7) - restriction: || (== netcoreapp3.1) (&& (== netstandard2.0) (>= netcoreapp3.0)) (&& (== netstandard2.1) (>= netcoreapp3.0))
      Microsoft.NETCore.Platforms (>= 3.1) - restriction: || (== netcoreapp3.1) (&& (== netstandard2.0) (>= netcoreapp2.0)) (&& (== netstandard2.1) (>= netcoreapp2.0))
    NETStandard.Library (2.0.3)
      Microsoft.NETCore.Platforms (>= 1.1)
    nservicebus (7.2.4)
      System.Reflection.Emit (>= 4.3)
      System.Reflection.Emit.Lightweight (>= 4.3)
      System.Reflection.Metadata (>= 1.6)
      System.Security.Cryptography.Xml (>= 4.5)
    oryx (1.2.1)
      FSharp.Core (>= 4.7)
      Microsoft.Extensions.Logging (>= 3.1.1)
      Taskbuilder.fs (>= 2.1)
    System.Buffers (4.5.1) - restriction: || (&& (== netcoreapp3.1) (>= monotouch)) (&& (== netcoreapp3.1) (>= net45)) (&& (== netcoreapp3.1) (>= net46)) (&& (== netcoreapp3.1) (>= net461)) (&& (== netcoreapp3.1) (< netcoreapp2.0) (< netstandard2.1)) (&& (== netcoreapp3.1) (< netstandard1.1)) (&& (== netcoreapp3.1) (< netstandard2.0)) (&& (== netcoreapp3.1) (>= uap10.1)) (&& (== netcoreapp3.1) (>= xamarintvos)) (&& (== netcoreapp3.1) (>= xamarinwatchos)) (== netstandard2.0) (== netstandard2.1)
    System.Collections.Immutable (1.7) - restriction: || (&& (== netcoreapp3.1) (>= net45)) (&& (== netcoreapp3.1) (< netstandard1.1)) (&& (== netcoreapp3.1) (< netstandard2.0)) (== netstandard2.0) (== netstandard2.1)
      System.Memory (>= 4.5.3) - restriction: || (&& (== netcoreapp3.1) (>= net46)) (&& (== netcoreapp3.1) (< netcoreapp2.1)) (&& (== netcoreapp3.1) (< netstandard2.0)) (&& (== netcoreapp3.1) (>= uap10.1)) (== netstandard2.0) (== netstandard2.1)
    System.ComponentModel.Annotations (4.7) - restriction: || (== netstandard2.0) (== netstandard2.1)
    System.Drawing.Common (4.7) - restriction: || (== netcoreapp3.1) (&& (== netstandard2.0) (>= netcoreapp3.0)) (&& (== netstandard2.1) (>= netcoreapp3.0))
      Microsoft.NETCore.Platforms (>= 3.1) - restriction: || (== netcoreapp3.1) (&& (== netstandard2.0) (>= netcoreapp2.0)) (&& (== netstandard2.1) (>= netcoreapp2.0))
      Microsoft.Win32.SystemEvents (>= 4.7) - restriction: || (== netcoreapp3.1) (&& (== netstandard2.0) (>= netcoreapp2.0)) (&& (== netstandard2.1) (>= netcoreapp2.0))
    System.Memory (4.5.4) - restriction: || (&& (== netcoreapp3.1) (>= net45)) (&& (== netcoreapp3.1) (>= net46)) (&& (== netcoreapp3.1) (< netcoreapp2.0) (< netstandard2.1)) (&& (== netcoreapp3.1) (< netcoreapp2.1) (< netstandard2.1)) (&& (== netcoreapp3.1) (< netstandard1.1)) (&& (== netcoreapp3.1) (< netstandard2.0)) (&& (== netcoreapp3.1) (>= uap10.1)) (== netstandard2.0) (== netstandard2.1)
      System.Buffers (>= 4.5.1) - restriction: || (&& (== netcoreapp3.1) (>= monoandroid)) (&& (== netcoreapp3.1) (>= monotouch)) (&& (== netcoreapp3.1) (>= net461)) (&& (== netcoreapp3.1) (< netcoreapp2.0)) (&& (== netcoreapp3.1) (< netstandard1.1)) (&& (== netcoreapp3.1) (< netstandard2.0)) (&& (== netcoreapp3.1) (>= xamarinios)) (&& (== netcoreapp3.1) (>= xamarinmac)) (&& (== netcoreapp3.1) (>= xamarintvos)) (&& (== netcoreapp3.1) (>= xamarinwatchos)) (== netstandard2.0) (== netstandard2.1)
      System.Numerics.Vectors (>= 4.4) - restriction: || (&& (== netcoreapp3.1) (< netcoreapp2.0)) (== netstandard2.0) (== netstandard2.1)
      System.Runtime.CompilerServices.Unsafe (>= 4.5.3) - restriction: || (&& (== netcoreapp3.1) (>= monoandroid)) (&& (== netcoreapp3.1) (>= monotouch)) (&& (== netcoreapp3.1) (>= net461)) (&& (== netcoreapp3.1) (< netcoreapp2.0)) (&& (== netcoreapp3.1) (< netcoreapp2.1)) (&& (== netcoreapp3.1) (< netstandard1.1)) (&& (== netcoreapp3.1) (< netstandard2.0)) (&& (== netcoreapp3.1) (>= uap10.1)) (&& (== netcoreapp3.1) (>= xamarinios)) (&& (== netcoreapp3.1) (>= xamarinmac)) (&& (== netcoreapp3.1) (>= xamarintvos)) (&& (== netcoreapp3.1) (>= xamarinwatchos)) (== netstandard2.0) (== netstandard2.1)
    System.Numerics.Vectors (4.5) - restriction: || (&& (== netcoreapp3.1) (>= net45)) (&& (== netcoreapp3.1) (>= net46)) (&& (== netcoreapp3.1) (< netstandard1.1)) (&& (== netcoreapp3.1) (< netstandard2.0)) (&& (== netcoreapp3.1) (>= uap10.1)) (== netstandard2.0) (== netstandard2.1)
    System.Reflection.Emit (4.7)
      System.Reflection.Emit.ILGeneration (>= 4.7) - restriction: || (&& (== netcoreapp3.1) (< netcoreapp2.0) (< netstandard2.1)) (&& (== netcoreapp3.1) (< netstandard1.1)) (&& (== netcoreapp3.1) (< netstandard2.0)) (&& (== netcoreapp3.1) (>= uap10.1)) (== netstandard2.0) (&& (== netstandard2.1) (< netstandard1.1)) (&& (== netstandard2.1) (< netstandard2.0)) (&& (== netstandard2.1) (>= uap10.1))
    System.Reflection.Emit.ILGeneration (4.7) - restriction: || (&& (== netcoreapp3.1) (< netcoreapp2.0) (< netstandard2.1)) (&& (== netcoreapp3.1) (< netstandard1.1)) (&& (== netcoreapp3.1) (< netstandard2.0)) (&& (== netcoreapp3.1) (>= uap10.1)) (== netstandard2.0) (&& (== netstandard2.1) (< netstandard1.1)) (&& (== netstandard2.1) (< netstandard2.0)) (&& (== netstandard2.1) (>= uap10.1))
    System.Reflection.Emit.Lightweight (4.7)
      System.Reflection.Emit.ILGeneration (>= 4.7) - restriction: || (&& (== netcoreapp3.1) (< netcoreapp2.0) (< netstandard2.1)) (&& (== netcoreapp3.1) (< netstandard2.0)) (&& (== netcoreapp3.1) (< portable-net45+wp8)) (&& (== netcoreapp3.1) (>= uap10.1)) (== netstandard2.0) (&& (== netstandard2.1) (< netstandard2.0)) (&& (== netstandard2.1) (< portable-net45+wp8)) (&& (== netstandard2.1) (>= uap10.1))
    System.Reflection.Metadata (1.8)
      System.Collections.Immutable (>= 1.7) - restriction: || (&& (== netcoreapp3.1) (>= net45)) (&& (== netcoreapp3.1) (< netstandard1.1)) (&& (== netcoreapp3.1) (< netstandard2.0)) (== netstandard2.0) (== netstandard2.1)
    System.Runtime.CompilerServices.Unsafe (4.7.1) - restriction: || (&& (== netcoreapp3.1) (>= net461)) (&& (== netcoreapp3.1) (< netcoreapp2.1) (< netstandard2.1)) (&& (== netcoreapp3.1) (< netstandard1.0)) (&& (== netcoreapp3.1) (< netstandard2.0)) (&& (== netcoreapp3.1) (>= wp8)) (== netstandard2.0) (== netstandard2.1)
    System.Security.AccessControl (4.7)
      Microsoft.NETCore.Platforms (>= 3.1) - restriction: || (== netcoreapp3.1) (&& (== netstandard2.0) (>= netcoreapp2.0)) (&& (== netstandard2.1) (>= netcoreapp2.0))
      System.Security.Principal.Windows (>= 4.7)
    System.Security.Cryptography.Cng (4.7)
    System.Security.Cryptography.Pkcs (4.7)
      System.Buffers (>= 4.5) - restriction: || (&& (== netcoreapp3.1) (< netcoreapp2.0) (< netstandard2.1)) (== netstandard2.0)
      System.Memory (>= 4.5.3) - restriction: || (&& (== netcoreapp3.1) (< netcoreapp2.0) (< netstandard2.1)) (&& (== netcoreapp3.1) (< netcoreapp2.1) (< netstandard2.1)) (&& (== netcoreapp3.1) (>= uap10.1)) (== netstandard2.0) (&& (== netstandard2.1) (>= uap10.1))
      System.Security.Cryptography.Cng (>= 4.7)
    System.Security.Cryptography.Xml (4.7)
      System.Security.Cryptography.Pkcs (>= 4.7)
      System.Security.Permissions (>= 4.7)
    System.Security.Permissions (4.7)
      System.Security.AccessControl (>= 4.7)
      System.Windows.Extensions (>= 4.7) - restriction: || (== netcoreapp3.1) (&& (== netstandard2.0) (>= netcoreapp3.0)) (&& (== netstandard2.1) (>= netcoreapp3.0))
    System.Security.Principal.Windows (4.7)
    System.Threading.Tasks.Extensions (4.5.4) - restriction: || (&& (== netcoreapp3.1) (>= net461)) (&& (== netcoreapp3.1) (< netstandard2.1)) (== netstandard2.0) (&& (== netstandard2.1) (>= net461))
      System.Runtime.CompilerServices.Unsafe (>= 4.5.3) - restriction: || (&& (== netcoreapp3.1) (>= net461)) (&& (== netcoreapp3.1) (< netcoreapp2.1)) (&& (== netcoreapp3.1) (< netstandard1.0)) (&& (== netcoreapp3.1) (< netstandard2.0)) (&& (== netcoreapp3.1) (>= wp8)) (== netstandard2.0) (== netstandard2.1)
    System.ValueTuple (4.5)
    System.Windows.Extensions (4.7) - restriction: || (== netcoreapp3.1) (&& (== netstandard2.0) (>= netcoreapp3.0)) (&& (== netstandard2.1) (>= netcoreapp3.0))
      System.Drawing.Common (>= 4.7) - restriction: || (== netcoreapp3.1) (&& (== netstandard2.0) (>= netcoreapp3.0)) (&& (== netstandard2.1) (>= netcoreapp3.0))
    Taskbuilder.fs (2.1)
      FSharp.Core (>= 4.1.17)
      NETStandard.Library (>= 1.6.1)
      System.ValueTuple (>= 4.4)
